GEM
  remote: http://rubygems.org/
  specs:
    activemodel (3.1.1)
      activesupport (= 3.1.1)
      builder (~> 3.0.0)
      i18n (~> 0.6)
    activeresource (3.1.1)
      activemodel (= 3.1.1)
      activesupport (= 3.1.1)
    activesupport (3.1.1)
      multi_json (~> 1.0)
    addressable (2.2.6)
    arrayfields (4.7.4)
    brewdler (0.1.0)
      commander
    bugherd-api (0.0.3)
      activeresource
      activesupport
    builder (3.0.0)
    chronic (0.6.5)
    coderay (0.9.8)
    commander (4.0.6)
      highline (~> 1.5.0)
    configuration (1.3.1)
    domo (0.0.3)
      bundler
      highline
      mechanize
      nokogiri
      thor
    eventmachine (0.12.10)
    fail-fast (1.0.0)
    faraday (0.7.5)
      addressable (~> 2.2.6)
      multipart-post (~> 1.1.3)
      rack (>= 1.1.0, < 2)
    faraday_middleware (0.7.0)
      faraday (~> 0.7.3)
    fattr (2.2.0)
    firetower (0.0.9)
      addressable (~> 2.1)
      eventmachine (~> 0.12.10)
      highline (~> 1.5)
      hookr (~> 1.1)
      json (~> 1.4)
      launchy (>= 0.3.7)
      main (~> 4.2)
      oauth (~> 0.4.3)
      servolux (~> 0.9.4)
      twitter-stream (~> 0.1.6)
      yammer4r (~> 0.1.5)
    fresnel (0.6.7)
      activesupport (>= 2.3.0)
      highline (>= 1.5.1)
      terminal-table (>= 1.3.0)
    gist (2.0.4)
    git (1.2.5)
    github (0.6.2)
      highline (~> 1.5.1)
      json_pure (~> 1.5.1)
      launchy (~> 0.3.7)
      text-format (= 1.0.0)
      text-hyphen (= 1.0.0)
    happymapper (0.4.0)
      libxml-ruby (~> 2.0)
    hashie (1.0.0)
    highline (1.5.2)
    hookr (1.1.1)
      fail-fast (= 1.0.0)
    http_parser.rb (0.5.3)
    hub (1.6.1)
    i18n (0.6.0)
    jeweler (1.6.4)
      bundler (~> 1.0)
      git (>= 1.2.5)
      rake
    json (1.6.1)
    json_pure (1.5.4)
      spruz (~> 0.2.8)
    launchy (0.3.7)
      configuration (>= 0.0.5)
      rake (>= 0.8.1)
    libxml-ruby (2.2.2)
    lighthouse-api (2.0)
      activeresource (>= 3.0.0)
      activesupport (>= 3.0.0)
    main (4.8.0)
      arrayfields (~> 4.7.4)
      chronic (~> 0.6.2)
      fattr (~> 2.2.0)
      map (~> 4.3.0)
    map (4.3.0)
    mash (0.1.1)
    mechanize (2.0.1)
      net-http-digest_auth (~> 1.1, >= 1.1.1)
      net-http-persistent (~> 1.8)
      nokogiri (~> 1.4)
      webrobots (~> 0.0, >= 0.0.9)
    method_source (0.6.6)
      ruby_parser (~> 2.0.5)
    mime-types (1.17.2)
    multi_json (1.0.3)
    multipart-post (1.1.3)
    net-http-digest_auth (1.1.1)
    net-http-persistent (1.9)
    nokogiri (1.5.0)
    oauth (0.4.5)
    octokit (0.6.4)
      addressable (~> 2.2.6)
      faraday (~> 0.7.3)
      faraday_middleware (~> 0.7.0.rc1)
      hashie (~> 1.0.0)
      multi_json (~> 1.0.2)
    pivotal-tracker (0.4.1)
      builder
      builder
      happymapper (>= 0.3.2)
      happymapper (>= 0.3.2)
      nokogiri (>= 1.4.3)
      nokogiri (~> 1.4)
      rest-client (~> 1.6.0)
      rest-client (~> 1.6.0)
    pry (0.9.6.2)
      coderay (~> 0.9.8)
      method_source (~> 0.6.5)
      ruby_parser (~> 2.0.5)
      slop (~> 2.1.0)
    pry-doc (0.3.0)
      pry (>= 0.9.0)
      yard (>= 0.6.4)
    pry-remote (0.0.1)
      pry (~> 0.9)
      slop (~> 2.1)
    pry_debug (0.0.1)
      pry (~> 0.9.0)
    pullme (0.0.1)
      highline
      json
    rack (1.3.5)
    rake (0.9.2.2)
    rest-client (1.6.7)
      mime-types (>= 1.16)
    ruby_parser (2.0.6)
      sexp_processor (~> 3.0)
    servolux (0.9.6)
    sexp_processor (3.0.7)
    simple_oauth (0.1.5)
    slop (2.1.0)
    spruz (0.2.13)
    terminal-table (1.4.4)
    text-format (1.0.0)
      text-hyphen (~> 1.0.0)
    text-hyphen (1.0.0)
    thor (0.14.6)
    ticketmaster (0.6.6)
      activeresource
      activeresource (>= 2.3.2)
      activesupport
      activesupport (>= 2.3.2)
      hashie (= 1.0.0)
      hashie
      jeweler
    ticketmaster-basecamp (0.3.8)
      activeresource (= 3.1.1)
      activesupport (= 3.1.1)
      ticketmaster (>= 0.6.6)
    ticketmaster-bugherd (0.1.1)
      bugherd-api (~> 0.0.1)
      ticketmaster (~> 0.6.0)
    ticketmaster-github (0.6.9)
      octokit (>= 0.6.4)
      ticketmaster (>= 0.6.0)
    ticketmaster-lighthouse (0.7.8)
      addressable (>= 2.1.2)
      lighthouse-api (~> 2.0)
      ticketmaster (>= 0.6.0)
    ticketmaster-pivotal (0.5.1)
      activeresource (>= 2.3.0)
      activesupport (>= 2.3.0)
      ticketmaster (>= 0.6.6)
    ticketmaster-zendesk (0.4.4)
      i18n
      ticketmaster (>= 0.6.0)
    twitter-stream (0.1.14)
      eventmachine (>= 0.12.8)
      http_parser.rb (~> 0.5.1)
      simple_oauth (~> 0.1.4)
    webrobots (0.0.12)
      nokogiri (>= 1.4.4)
    yammer4r (0.1.5)
      json (>= 1.1.7)
      mash (>= 0.0.3)
      oauth (>= 0.3.5)
    yard (0.7.3)

PLATFORMS
  ruby

DEPENDENCIES
  brewdler
  domo
  firetower
  fresnel
  gist
  github
  hub
  launchy
  pivotal-tracker
  pry (= 0.9.6.2)
  pry-doc
  pry-remote (= 0.0.1)
  pry_debug
  pullme
  rake (>= 0.9.2)
  ticketmaster
  ticketmaster-basecamp
  ticketmaster-bugherd
  ticketmaster-github
  ticketmaster-lighthouse
  ticketmaster-pivotal
  ticketmaster-zendesk
